PATH
  remote: .
  specs:
    freno-throttler (0.0.1)

GEM
  remote: https://rubygems.org/
  specs:
    ast (2.3.0)
    freno-client (0.4.0)
    metaclass (0.0.4)
    minitest (5.10.3)
    mocha (1.2.1)
      metaclass (~> 0.0.1)
    parallel (1.12.0)
    parser (2.4.0.0)
      ast (~> 2.2)
    powerpack (0.1.1)
    rainbow (2.2.2)
      rake
    rake (10.5.0)
    rubocop (0.50.0)
      parallel (~> 1.10)
      parser (>= 2.3.3.1, < 3.0)
      powerpack (~> 0.1)
      rainbow (>= 2.2.2, < 3.0)
      ruby-progressbar (~> 1.7)
      unicode-display_width (~> 1.0, >= 1.0.1)
    ruby-progressbar (1.8.3)
    unicode-display_width (1.3.0)

PLATFORMS
  ruby

DEPENDENCIES
  bundler (~> 1.14)
  freno-client (~> 0)
  freno-throttler!
  minitest (~> 5.0)
  mocha
  rake (~> 10.0)
  rubocop

BUNDLED WITH
   1.15.4
